GEM
  remote: https://rubygems.org/
  specs:
    erubis (2.7.0)
    rack (2.0.8)
    roda (3.24.0)
      rack
    tilt (2.0.9)

PLATFORMS
  ruby

DEPENDENCIES
  erubis (~> 2.7.0)
  roda (~> 3.24.0)
  tilt (~> 2.0.9)

BUNDLED WITH
   1.17.2
